GEM
  remote: https://rubygems.org/
  specs:
    rack (1.6.12)
    rack-protection (1.5.5)
      rack
    shotgun (0.9)
      rack (>= 1.0)
    sinatra (1.4.5)
      rack (~> 1.4)
      rack-protection (~> 1.4)
      tilt (~> 1.3, >= 1.3.4)
    tilt (1.4.1)

PLATFORMS
  ruby
<<<<<<< HEAD
  x64-mingw32
  x86-mingw32
=======
>>>>>>> parent of df65219... added register link and removed coming soon tag

DEPENDENCIES
  shotgun
  sinatra
